GEM
  remote: https://rubygems.org/
  specs:
    haml (4.0.2)
      tilt
    tilt (1.4.0)

PLATFORMS
  ruby

DEPENDENCIES
  haml
